GEM
  remote: https://rubygems.org/
  specs:
    coderay (1.1.2)
    faraday (0.15.3)
      multipart-post (>= 1.2, < 3)
    ipsum_maiden (0.1.0)
    method_source (0.9.2)
    multipart-post (2.0.0)
    pry (0.12.2)
      coderay (~> 1.1.0)
      method_source (~> 0.9.0)
    puma (3.12.0)
    rack (2.0.6)
    sentry-raven (2.7.4)
      faraday (>= 0.7.6, < 1.0)

PLATFORMS
  ruby

DEPENDENCIES
  ipsum_maiden
  pry
  puma (~> 3.11)
  rack (~> 2.0)
  sentry-raven (~> 2.7)

RUBY VERSION
   ruby 2.5.3p105

BUNDLED WITH
   1.17.1
