GEM
  remote: https://rubygems.org/
  specs:
    faraday (0.15.3)
      multipart-post (>= 1.2, < 3)
    multipart-post (2.0.0)
    puma (3.12.0)
    rack (2.0.6)
    sentry-raven (2.7.4)
      faraday (>= 0.7.6, < 1.0)

PLATFORMS
  ruby

DEPENDENCIES
  puma (~> 3.11)
  rack (~> 2.0)
  sentry-raven (~> 2.7)

RUBY VERSION
   ruby 2.5.3p105

BUNDLED WITH
   1.17.1
